GEM
  remote: http://rubygems.org/
  specs:
    Ascii85 (1.0.0)
    abstract (1.0.0)
    actionmailer (3.0.7)
      actionpack (= 3.0.7)
      mail (~> 2.2.15)
    actionpack (3.0.7)
      activemodel (= 3.0.7)
      activesupport (= 3.0.7)
      builder (~> 2.1.2)
      erubis (~> 2.6.6)
      i18n (~> 0.5.0)
      rack (~> 1.2.1)
      rack-mount (~> 0.6.14)
      rack-test (~> 0.5.7)
      tzinfo (~> 0.3.23)
    activemodel (3.0.7)
      activesupport (= 3.0.7)
      builder (~> 2.1.2)
      i18n (~> 0.5.0)
    activerecord (3.0.7)
      activemodel (= 3.0.7)
      activesupport (= 3.0.7)
      arel (~> 2.0.2)
      tzinfo (~> 0.3.23)
    activeresource (3.0.7)
      activemodel (= 3.0.7)
      activesupport (= 3.0.7)
    activesupport (3.0.7)
    arel (2.0.9)
    authlogic (2.1.6)
      activesupport
    builder (2.1.2)
    erubis (2.6.6)
      abstract (>= 1.0.0)
    google-spreadsheet-ruby (0.1.2)
      nokogiri (>= 1.4.3.1)
      oauth (>= 0.3.6)
    i18n (0.5.0)
    jquery-rails (0.2.3)
      rails (~> 3.0)
    mail (2.2.19)
      activesupport (>= 2.3.6)
      i18n (>= 0.4.0)
      mime-types (~> 1.16)
      treetop (~> 1.4.8)
    meta_search (0.9.10)
      actionpack (~> 3.0.2)
      activerecord (~> 3.0.2)
      activesupport (~> 3.0.2)
      arel (~> 2.0.2)
    mime-types (1.16)
    mysql2 (0.2.7)
    nokogiri (1.4.4.1-x86-mingw32)
    oauth (0.4.4)
    paperclip (2.3.5)
      activerecord
      activesupport
    pdf-reader (0.9.2)
      Ascii85 (>= 0.9)
    polyglot (0.3.1)
    prawn (0.11.1)
      pdf-reader (>= 0.9.0)
      ttfunk (~> 1.0.0)
    prawnto (0.0.4)
      prawn
      rails (>= 2.1)
    rack (1.2.2)
    rack-mount (0.6.14)
      rack (>= 1.0.0)
    rack-test (0.5.7)
      rack (>= 1.0)
    rails (3.0.7)
      actionmailer (= 3.0.7)
      actionpack (= 3.0.7)
      activerecord (= 3.0.7)
      activeresource (= 3.0.7)
      activesupport (= 3.0.7)
      bundler (~> 1.0)
      railties (= 3.0.7)
    rails3-jquery-autocomplete (0.6.2)
      rails (~> 3.0.0)
    railties (3.0.7)
      actionpack (= 3.0.7)
      activesupport (= 3.0.7)
      rake (>= 0.8.7)
      thor (~> 0.14.4)
    rake (0.8.7)
    roo (1.9.3)
    ruby-ole (1.2.11.1)
    rubyzip (0.9.4)
    simple_form (1.2.2)
    spreadsheet (0.6.5.4)
      ruby-ole (>= 1.0)
    thor (0.14.6)
    treetop (1.4.9)
      polyglot (>= 0.3.1)
    ttfunk (1.0.1)
    tzinfo (0.3.27)
    will_paginate (3.0.pre2)

PLATFORMS
  java
  ruby
  x86-mingw32

DEPENDENCIES
  authlogic
  google-spreadsheet-ruby
  jquery-rails
  meta_search
  mysql2 (< 0.3)
  nokogiri (= 1.4.4.1)
  paperclip
  prawn
  prawnto
  rails (= 3.0.7)
  rails3-jquery-autocomplete
  roo
  rubyzip
  simple_form
  spreadsheet
  will_paginate (= 3.0.pre2)
